STORAGE: NONE
NUGET
  remote: https://www.nuget.org/api/v2
    FSharp.Core (9.0.201)
    FSharp.SystemCommandLine (0.17.0-beta4)
      FSharp.Core (>= 6.0) - restriction: >= netstandard2.0
      System.CommandLine (>= 2.0.0-beta4.22272.1) - restriction: >= netstandard2.0
    Ionide.ProjInfo (0.70.2)
      FSharp.Core (>= 6.0) - restriction: >= net8.0
      Microsoft.VisualStudio.SolutionPersistence (>= 1.0.28) - restriction: >= net8.0
      SemanticVersioning (>= 2.0.2) - restriction: >= net8.0
    Microsoft.VisualStudio.SolutionPersistence (1.0.52) - restriction: >= net8.0
    SemanticVersioning (2.0.2) - restriction: >= net8.0
    System.Buffers (4.6) - restriction: || (&& (>= net462) (>= netstandard2.0)) (&& (< netcoreapp2.1) (>= netstandard2.0))
    System.CommandLine (2.0.0-beta4.22272.1) - restriction: >= netstandard2.0
      System.Memory (>= 4.5.4) - restriction: && (< net6.0) (>= netstandard2.0)
    System.Memory (4.6) - restriction: && (< net6.0) (>= netstandard2.0)
      System.Buffers (>= 4.6) - restriction: || (>= net462) (&& (< netcoreapp2.1) (>= netstandard2.0))
      System.Numerics.Vectors (>= 4.6) - restriction: || (>= net462) (&& (< netcoreapp2.1) (>= netstandard2.0))
      System.Runtime.CompilerServices.Unsafe (>= 6.1) - restriction: || (>= net462) (&& (< netcoreapp2.1) (>= netstandard2.0))
    System.Numerics.Vectors (4.6) - restriction: || (&& (>= net462) (>= netstandard2.0)) (&& (< netcoreapp2.1) (>= netstandard2.0))
    System.Runtime.CompilerServices.Unsafe (6.1) - restriction: || (&& (>= net462) (>= netstandard2.0)) (&& (< netcoreapp2.1) (>= netstandard2.0))

GROUP Test
STORAGE: NONE
NUGET
  remote: https://www.nuget.org/api/v2
    Expecto (10.2.2)
      FSharp.Core (>= 7.0.200) - restriction: >= net6.0
      Mono.Cecil (>= 0.11.4 < 1.0) - restriction: >= net6.0
    FSharp.Core (9.0.201)
    Microsoft.ApplicationInsights (2.23) - restriction: >= net8.0
      System.Diagnostics.DiagnosticSource (>= 5.0) - restriction: || (&& (>= net452) (< netstandard2.0)) (&& (< net452) (>= netstandard2.0)) (>= net46)
    Microsoft.CodeCoverage (17.13) - restriction: || (>= net462) (>= netcoreapp3.1)
    Microsoft.NET.Test.Sdk (17.13)
      Microsoft.CodeCoverage (>= 17.13) - restriction: || (>= net462) (>= netcoreapp3.1)
      Microsoft.TestPlatform.TestHost (>= 17.13) - restriction: >= netcoreapp3.1
    Microsoft.Testing.Extensions.Telemetry (1.6.2) - restriction: >= net8.0
      Microsoft.ApplicationInsights (>= 2.22) - restriction: >= netstandard2.0
      Microsoft.Testing.Platform (>= 1.6.2) - restriction: >= netstandard2.0
    Microsoft.Testing.Extensions.TrxReport.Abstractions (1.6.2) - restriction: >= net8.0
      Microsoft.Testing.Platform (>= 1.6.2) - restriction: >= netstandard2.0
    Microsoft.Testing.Extensions.VSTestBridge (1.6.2) - restriction: >= net8.0
      Microsoft.Testing.Extensions.Telemetry (>= 1.6.2) - restriction: >= netstandard2.0
      Microsoft.Testing.Extensions.TrxReport.Abstractions (>= 1.6.2) - restriction: >= netstandard2.0
      Microsoft.Testing.Platform (>= 1.6.2) - restriction: >= netstandard2.0
      Microsoft.TestPlatform.ObjectModel (>= 17.13) - restriction: >= netstandard2.0
    Microsoft.Testing.Platform (1.6.2) - restriction: >= net8.0
    Microsoft.Testing.Platform.MSBuild (1.6.2) - restriction: >= net8.0
      Microsoft.Testing.Platform (>= 1.6.2) - restriction: >= netstandard2.0
    Microsoft.TestPlatform.ObjectModel (17.13) - restriction: >= netcoreapp3.1
      System.Reflection.Metadata (>= 1.6) - restriction: || (>= net462) (>= netstandard2.0)
    Microsoft.TestPlatform.TestHost (17.13) - restriction: >= netcoreapp3.1
      Microsoft.TestPlatform.ObjectModel (>= 17.13) - restriction: >= netcoreapp3.1
      Newtonsoft.Json (>= 13.0.1) - restriction: >= netcoreapp3.1
    Mono.Cecil (0.11.6) - restriction: >= net6.0
    Newtonsoft.Json (13.0.3) - restriction: >= netcoreapp3.1
    System.Collections.Immutable (9.0.2) - restriction: || (&& (>= net462) (>= net8.0)) (&& (>= net8.0) (< net9.0))
    System.Diagnostics.DiagnosticSource (9.0.2) - restriction: >= net8.0
    System.Reflection.Metadata (9.0.2) - restriction: >= net8.0
      System.Collections.Immutable (>= 9.0.2) - restriction: || (>= net462) (&& (>= net8.0) (< net9.0)) (&& (< net8.0) (>= netstandard2.0))
    YoloDev.Expecto.TestSdk (0.15.3)
      Expecto (>= 10.2.2 < 11.0) - restriction: >= net8.0
      FSharp.Core (>= 7.0.200) - restriction: >= net8.0
      Microsoft.Testing.Extensions.VSTestBridge (>= 1.6.2) - restriction: >= net8.0
      Microsoft.Testing.Platform.MSBuild (>= 1.6.2) - restriction: >= net8.0
